PATH
  remote: .
  specs:
    jruby-ehcache (1.2.1)
      i18n

GEM
  remote: http://rubygems.org/
  specs:
    i18n (0.6.0)

PLATFORMS
  java
  ruby

DEPENDENCIES
  jruby-ehcache!
