PATH
  remote: .
  specs:
    jruby-ehcache (1.3.0)

GEM
  remote: http://rubygems.org/
  specs:

PLATFORMS
  java
  ruby

DEPENDENCIES
  jruby-ehcache!
